GEM
  remote: https://rubygems.org/
  specs:
    active_youtube (1.0.0)
      activeresource (>= 2.0.2)
    activemodel (3.2.13)
      activesupport (= 3.2.13)
      builder (~> 3.0.0)
    activeresource (3.2.13)
      activemodel (= 3.2.13)
      activesupport (= 3.2.13)
    activesupport (3.2.13)
      i18n (= 0.6.1)
      multi_json (~> 1.0)
    archive-tar-minitar (0.5.2)
    builder (3.0.4)
    fastercsv (1.5.0)
    ferret (0.11.6)
      rake (> 0.0.0)
    flickr_fu (0.3.0)
      mime-types (> 0.0.0)
      xml-magic (> 0.0.0)
    hoe (3.6.2)
      rake (>= 0.8, < 11.0)
    hpricot (0.8.2)
    i18n (0.6.1)
    mime-types (1.16)
      archive-tar-minitar (~> 0.5)
      hoe (>= 1.8.3)
      nokogiri (~> 1.2)
      rcov (~> 0.8)
    multi_json (1.7.6)
    nokogiri (1.5.10)
    rake (10.0.4)
    rcov (0.9.11)
    xml-magic (0.1.1)

PLATFORMS
  ruby

DEPENDENCIES
  active_youtube (= 1.0.0)
  fastercsv (= 1.5.0)
  ferret (= 0.11.6)
  flickr_fu (= 0.3.0)
  hpricot (= 0.8.2)
  mime-types (= 1.16)
  nokogiri (= 1.5.10)
