GEM
  remote: https://rubygems.org/
  specs:
    actionmailer (2.3.18)
      actionpack (= 2.3.18)
    actionpack (2.3.18)
      activesupport (= 2.3.18)
      rack (~> 1.1.0)
    active_youtube (1.0.0)
      activeresource (>= 2.0.2)
    activerecord (2.3.18)
      activesupport (= 2.3.18)
    activeresource (2.3.18)
      activesupport (= 2.3.18)
    activesupport (2.3.18)
    fastercsv (1.5.0)
    ferret (0.11.6)
      rake (> 0.0.0)
    flickr_fu (0.3.0)
      mime-types (> 0.0.0)
      xml-magic (> 0.0.0)
    hpricot (0.8.2)
    json (1.8.0)
    mime-types (1.16)
    nokogiri (1.5.10)
    pg (0.15.1)
    rack (1.1.6)
    rails (2.3.18)
      actionmailer (= 2.3.18)
      actionpack (= 2.3.18)
      activerecord (= 2.3.18)
      activeresource (= 2.3.18)
      activesupport (= 2.3.18)
      rake (>= 0.8.3)
    rake (10.0.4)
    rdoc (4.0.1)
      json (~> 1.4)
    rdoc-data (4.0.1)
      rdoc (~> 4.0)
    xml-magic (0.1.1)

PLATFORMS
  ruby

DEPENDENCIES
  active_youtube (= 1.0.0)
  fastercsv (= 1.5.0)
  ferret (= 0.11.6)
  flickr_fu (= 0.3.0)
  hpricot (= 0.8.2)
  mime-types (= 1.16)
  nokogiri (= 1.5.10)
  pg
  rails (= 2.3.18)
  rdoc
  rdoc-data
